GEM
  remote: http://rubygems.org/
  specs:
    activemodel (3.1.1)
      activesupport (= 3.1.1)
      builder (~> 3.0.0)
      i18n (~> 0.6)
    activerecord (3.1.1)
      activemodel (= 3.1.1)
      activesupport (= 3.1.1)
      arel (~> 2.2.1)
      tzinfo (~> 0.3.29)
    activesupport (3.1.1)
      multi_json (~> 1.0)
    arel (2.2.1)
    builder (3.0.0)
    fastercsv (1.5.4)
    i18n (0.6.0)
    multi_json (1.0.3)
    seed-fu (2.1.0)
      activerecord (~> 3.1.0)
      activesupport (~> 3.1.0)
    tzinfo (0.3.31)

PLATFORMS
  ruby

DEPENDENCIES
  fastercsv
  seed-fu
